PATH
  remote: .
  specs:
    trinidad (1.2.3)
      jruby-rack (>= 1.0.9)
      trinidad_jars (>= 1.0.1)
    trinidad_jars (1.0.2)

GEM
  remote: http://rubygems.org/
  specs:
    diff-lcs (1.1.2)
    fakefs (0.4.0)
    jruby-rack (1.0.9)
    mocha (0.9.12)
    rake (0.8.7)
    rspec (2.5.0)
      rspec-core (~> 2.5.0)
      rspec-expectations (~> 2.5.0)
      rspec-mocks (~> 2.5.0)
    rspec-core (2.5.1)
    rspec-expectations (2.5.0)
      diff-lcs (~> 1.1.2)
    rspec-mocks (2.5.0)

PLATFORMS
  java

DEPENDENCIES
  fakefs (>= 0.4.0)
  mocha
  rake (= 0.8.7)
  rspec
  trinidad!
